GIT
  remote: git://github.com/crossroads/authlogic.git
  revision: a5eb007a3e5b9b9f86b39a2b051d7a61a6855995
  branch: rails3
  specs:
    authlogic (2.1.3)
      activesupport

GIT
  remote: git://github.com/crossroads/is_paranoid.git
  revision: 7ff8ca2e2c5abb2c0d718194baeb61736f84b644
  branch: rails3
  specs:
    is_paranoid (0.0.2)

GIT
  remote: git://github.com/crossroads/paperclip.git
  revision: 9339d78dbf7e68b83d252c1e1baef7c7e24c5cfb
  specs:
    paperclip (2.3.3)
      activerecord
      activesupport

GIT
  remote: git://github.com/maran/gravtastic.git
  revision: b7ffbc5aa27596fbaa4af2d8e08cf952b13d6419
  specs:
    gravtastic (2.0.0)

GEM
  remote: http://rubygems.org/
  specs:
    abstract (1.0.0)
    actionmailer (3.0.7)
      actionpack (= 3.0.7)
      mail (~> 2.2.15)
    actionpack (3.0.7)
      activemodel (= 3.0.7)
      activesupport (= 3.0.7)
      builder (~> 2.1.2)
      erubis (~> 2.6.6)
      i18n (~> 0.5.0)
      rack (~> 1.2.1)
      rack-mount (~> 0.6.14)
      rack-test (~> 0.5.7)
      tzinfo (~> 0.3.23)
    activemodel (3.0.7)
      activesupport (= 3.0.7)
      builder (~> 2.1.2)
      i18n (~> 0.5.0)
    activerecord (3.0.7)
      activemodel (= 3.0.7)
      activesupport (= 3.0.7)
      arel (~> 2.0.2)
      tzinfo (~> 0.3.23)
    activeresource (3.0.7)
      activemodel (= 3.0.7)
      activesupport (= 3.0.7)
    activesupport (3.0.7)
    acts_as_commentable (3.0.1)
    annotate (2.4.0)
    archive-tar-minitar (0.5.2)
    arel (2.0.9)
    awesome_print (0.3.2)
    builder (2.1.2)
    columnize (0.3.2)
    diff-lcs (1.1.2)
    erubis (2.6.6)
      abstract (>= 1.0.0)
    factory_girl (1.3.3)
    faker (0.9.5)
      i18n (~> 0.4)
    haml (3.1.1)
    hoe (2.9.4)
      rake (>= 0.8.7)
    i18n (0.5.0)
    insight_rails (0.2.0)
      gravtastic
      recaptcha
    linecache19 (0.5.12)
      ruby_core_source (>= 0.1.4)
    mail (2.2.19)
      activesupport (>= 2.3.6)
      i18n (>= 0.4.0)
      mime-types (~> 1.16)
      treetop (~> 1.4.8)
    mime-types (1.16)
    mysql (2.8.1)
    polyglot (0.3.1)
    rack (1.2.2)
    rack-mount (0.6.14)
      rack (>= 1.0.0)
    rack-test (0.5.7)
      rack (>= 1.0)
    rails (3.0.7)
      actionmailer (= 3.0.7)
      actionpack (= 3.0.7)
      activerecord (= 3.0.7)
      activeresource (= 3.0.7)
      activesupport (= 3.0.7)
      bundler (~> 1.0)
      railties (= 3.0.7)
    railties (3.0.7)
      actionpack (= 3.0.7)
      activesupport (= 3.0.7)
      rake (>= 0.8.7)
      thor (~> 0.14.4)
    rake (0.8.7)
    recaptcha (0.3.1)
    rspec (2.5.0)
      rspec-core (~> 2.5.0)
      rspec-expectations (~> 2.5.0)
      rspec-mocks (~> 2.5.0)
    rspec-core (2.5.1)
    rspec-expectations (2.5.0)
      diff-lcs (~> 1.1.2)
    rspec-mocks (2.5.0)
    rspec-rails (2.5.0)
      actionpack (~> 3.0)
      activesupport (~> 3.0)
      railties (~> 3.0)
      rspec (~> 2.5.0)
    ruby-debug-base19 (0.11.25)
      columnize (>= 0.3.1)
      linecache19 (>= 0.5.11)
      ruby_core_source (>= 0.1.4)
    ruby-debug19 (0.11.6)
      columnize (>= 0.3.1)
      linecache19 (>= 0.5.11)
      ruby-debug-base19 (>= 0.11.19)
    ruby_core_source (0.1.5)
      archive-tar-minitar (>= 0.5.2)
    sass (3.1.1)
    test-unit (1.2.3)
      hoe (>= 1.5.1)
    thor (0.14.6)
    treetop (1.4.9)
      polyglot (>= 0.3.1)
    tzinfo (0.3.27)
    will_paginate (3.0.pre2)

PLATFORMS
  ruby

DEPENDENCIES
  acts_as_commentable (>= 3.0.1)
  annotate (>= 2.4.0)
  authlogic!
  awesome_print (>= 0.3.1)
  factory_girl (>= 1.3.3)
  faker (>= 0.9.5)
  gravtastic (>= 1.3.3)!
  haml (>= 3.1.1)
  insight_rails
  is_paranoid!
  mysql
  paperclip!
  rails (= 3.0.7)
  recaptcha
  rspec-rails (>= 2.5.0)
  ruby-debug19
  sass (>= 3.1.1)
  test-unit (= 1.2.3)
  will_paginate (>= 3.0.pre2)
